GEM
  remote: https://rubygems.org/
  specs:
    multi_json (1.12.1)
    streamio-ffmpeg (2.1.0)
      multi_json (~> 1.8)

PLATFORMS
  ruby

DEPENDENCIES
  streamio-ffmpeg

BUNDLED WITH
   1.12.5
