PATH
  remote: .
  specs:
    dedenne (0.0.1)

GEM
  remote: https://rubygems.org/
  specs:
    aws-sdk (2.4.4)
      aws-sdk-resources (= 2.4.4)
    aws-sdk-core (2.4.4)
      jmespath (~> 1.0)
    aws-sdk-resources (2.4.4)
      aws-sdk-core (= 2.4.4)
    diff-lcs (1.2.5)
    jmespath (1.3.1)
    multi_json (1.12.1)
    rack (1.6.4)
    rack-protection (1.5.3)
      rack
    rake (10.4.2)
    rspec (3.5.0)
      rspec-core (~> 3.5.0)
      rspec-expectations (~> 3.5.0)
      rspec-mocks (~> 3.5.0)
    rspec-core (3.5.2)
      rspec-support (~> 3.5.0)
    rspec-expectations (3.5.0)
      diff-lcs (>= 1.2.0, < 2.0)
      rspec-support (~> 3.5.0)
    rspec-mocks (3.5.0)
      diff-lcs (>= 1.2.0, < 2.0)
      rspec-support (~> 3.5.0)
    rspec-support (3.5.0)
    sinatra (1.4.7)
      rack (~> 1.5)
      rack-protection (~> 1.4)
      tilt (>= 1.3, < 3)
    streamio-ffmpeg (2.1.0)
      multi_json (~> 1.8)
    tilt (1.4.1)

PLATFORMS
  ruby

DEPENDENCIES
  aws-sdk
  bundler (~> 1.7)
  dedenne!
  rake (~> 10.0)
  rspec
  sinatra
  streamio-ffmpeg

BUNDLED WITH
   1.12.5
